GEM
  remote: https://rubygems.org/
  specs:
    dotenv (2.7.6)
    faraday (2.2.0)
      faraday-net_http (~> 2.0)
      ruby2_keywords (>= 0.0.4)
    faraday-net_http (2.0.1)
    ruby2_keywords (0.0.5)
    slack-incoming-webhooks (0.3.0)

PLATFORMS
  x86_64-darwin-19

DEPENDENCIES
  dotenv
  faraday
  slack-incoming-webhooks

BUNDLED WITH
   2.3.3
